GEM
  remote: http://rubygems.org/
  specs:
    albino (1.3.3)
      posix-spawn (>= 0.3.6)
    chunky_png (1.2.6)
    classifier (1.3.3)
      fast-stemmer (>= 1.0.0)
    colored (1.2)
    compass (0.12.2)
      chunky_png (~> 1.2)
      fssm (>= 0.2.7)
      sass (~> 3.1)
    directory_watcher (1.4.1)
    fast-stemmer (1.0.1)
    foreman (0.60.2)
      thor (>= 0.13.6)
    fssm (0.2.9)
    imdb_lists (2.1.0)
      nokogiri
      rest-client
      titleize
    jekyll (0.11.2)
      albino (~> 1.3)
      classifier (~> 1.3)
      directory_watcher (~> 1.1)
      kramdown (~> 0.13)
      liquid (~> 2.3)
      maruku (~> 0.5)
    kramdown (0.14.1)
    liquid (2.4.1)
    maruku (0.6.1)
      syntax (>= 1.0.0)
    mime-types (1.19)
    nokogiri (1.5.5)
    posix-spawn (0.3.6)
    rdiscount (1.6.8)
    rest-client (1.6.7)
      mime-types (>= 1.16)
    sass (3.2.3)
    syntax (1.0.0)
    thor (0.16.0)
    titleize (1.2.1)

PLATFORMS
  ruby

DEPENDENCIES
  colored
  compass
  foreman
  imdb_lists
  jekyll
  rdiscount
