GEM
  remote: http://rubygems.org/
  specs:
    chunky_png (1.2.7)
    classifier (1.3.3)
      fast-stemmer (>= 1.0.0)
    colored (1.2)
    compass (0.12.2)
      chunky_png (~> 1.2)
      fssm (>= 0.2.7)
      sass (~> 3.1)
    directory_watcher (1.4.1)
    fast-stemmer (1.0.1)
    foreman (0.61.0)
      thor (>= 0.13.6)
    fssm (0.2.10)
    imdb_lists (2.1.0)
      nokogiri
      rest-client
      titleize
    jekyll (0.12.0)
      classifier (~> 1.3)
      directory_watcher (~> 1.1)
      kramdown (~> 0.13.4)
      liquid (~> 2.3)
      maruku (~> 0.5)
      pygments.rb (~> 0.3.2)
    kramdown (0.13.8)
    liquid (2.4.1)
    maruku (0.6.1)
      syntax (>= 1.0.0)
    mime-types (1.20.1)
    nokogiri (1.5.6)
    posix-spawn (0.3.6)
    pygments.rb (0.3.7)
      posix-spawn (~> 0.3.6)
      yajl-ruby (~> 1.1.0)
    rdiscount (2.0.7)
    rest-client (1.6.7)
      mime-types (>= 1.16)
    sass (3.2.5)
    syntax (1.0.0)
    thor (0.17.0)
    titleize (1.2.1)
    yajl-ruby (1.1.0)

PLATFORMS
  ruby

DEPENDENCIES
  colored
  compass
  foreman
  imdb_lists
  jekyll
  rdiscount
